PATH
  remote: .
  specs:
    wordmove (1.1.1)
      activesupport (>= 3.0, < 5.0)
      colored (~> 1.0)
      i18n (~> 0.6)
      photocopier (~> 0.0)
      rake (~> 10.0)
      thor (~> 0.0)

GEM
  remote: http://rubygems.org/
  specs:
    activesupport (4.0.0)
      i18n (~> 0.6, >= 0.6.4)
      minitest (~> 4.2)
      multi_json (~> 1.3)
      thread_safe (~> 0.1)
      tzinfo (~> 0.3.37)
    atomic (1.1.13)
    colored (1.2)
    diff-lcs (1.2.4)
    escape (0.0.4)
    i18n (0.6.5)
    minitest (4.7.5)
    multi_json (1.8.0)
    net-scp (1.1.2)
      net-ssh (>= 2.6.5)
    net-ssh (2.6.8)
    net-ssh-gateway (1.2.0)
      net-ssh (>= 2.6.5)
    photocopier (0.0.10)
      activesupport
      escape
      i18n
      net-scp
      net-ssh
      net-ssh-gateway
    rake (10.1.0)
    rspec (2.14.1)
      rspec-core (~> 2.14.0)
      rspec-expectations (~> 2.14.0)
      rspec-mocks (~> 2.14.0)
    rspec-core (2.14.5)
    rspec-expectations (2.14.2)
      diff-lcs (>= 1.1.3, < 2.0)
    rspec-mocks (2.14.3)
    thor (0.18.1)
    thread_safe (0.1.2)
      atomic
    tzinfo (0.3.37)

PLATFORMS
  ruby

DEPENDENCIES
  rspec (~> 2.0)
  wordmove!
